GEM
  remote: https://rubygems.org/
  specs:
    dotenv (2.1.0)
    mustermann (1.0.2)
    rack (2.0.5)
    rack-protection (2.0.3)
      rack
    sinatra (2.0.3)
      mustermann (~> 1.0)
      rack (~> 2.0)
      rack-protection (= 2.0.3)
      tilt (~> 2.0)
    tilt (2.0.2)

PLATFORMS
  ruby

DEPENDENCIES
  dotenv
  sinatra

RUBY VERSION
   ruby 2.3.0p0

BUNDLED WITH
   1.16.3
